GIT
  remote: https://github.com/mcmire/jammit-sinatra
  revision: 2805e62e2a24cb6e795661fae06326b0dff84d93
  branch: middleware_only_dev
  specs:
    jammit-sinatra (0.6.0.1)
      jammit (>= 0.6.0)

PATH
  remote: ~/code/github/forks/jammit
  specs:
    jammit (0.6.5)
      cssmin (>= 1.0.2)
      jsmin (>= 1.0.1)

GEM
  remote: http://rubygems.org/
  specs:
    activemodel (3.2.3)
      activesupport (= 3.2.3)
      builder (~> 3.0.0)
    activesupport (3.2.3)
      i18n (~> 0.6)
      multi_json (~> 1.0)
    addressable (2.2.7)
    bson (1.6.2)
    bson_ext (1.6.2)
      bson (~> 1.6.2)
    builder (3.0.0)
    chronic (0.6.7)
    coffee-script (2.2.0)
      coffee-script-source
      execjs
    coffee-script-source (1.2.0)
    cssmin (1.0.2)
    daemons (1.1.8)
    eventmachine (0.12.10)
    execjs (1.3.0)
      multi_json (~> 1.0)
    ffi (1.0.11)
    foreman (0.43.0)
      thor (>= 0.13.6)
    growl (1.0.3)
    guard (1.0.1)
      ffi (>= 0.5.0)
      thor (~> 0.14.6)
    guard-coffeescript (0.5.7)
      coffee-script (>= 2.2.0)
      guard (>= 0.8.3)
    guard-sass (0.6.0)
      guard (>= 0.4.0)
      sass (>= 3.1)
    heroku (2.24.1)
      launchy (>= 0.3.2)
      netrc (~> 0.7.1)
      rest-client (~> 1.6.1)
      rubyzip
    httparty (0.8.2)
      multi_json
      multi_xml
    i18n (0.6.0)
    jsmin (1.0.1)
    json (1.6.6)
    launchy (2.1.0)
      addressable (~> 2.2.6)
    little-plugger (1.1.3)
    localtunnel (0.3)
      json (>= 1.2.4)
      net-ssh (>= 2.0.22)
      net-ssh-gateway (>= 1.0.1)
    logging (1.7.1)
      little-plugger (>= 1.1.3)
    mime-types (1.18)
    mongo (1.6.2)
      bson (~> 1.6.2)
    mongo_mapper (0.11.0)
      activemodel (~> 3.0)
      activesupport (~> 3.0)
      plucky (~> 0.4.0)
    multi_json (1.3.2)
    multi_xml (0.4.4)
    net-ssh (2.3.0)
    net-ssh-gateway (1.1.0)
      net-ssh (>= 1.99.1)
    netrc (0.7.1)
    plucky (0.4.4)
      mongo (~> 1.5)
    rack (1.4.1)
    rack-flash3 (1.0.1)
      rack
      rack
    rack-protection (1.2.0)
      rack
    rake (0.9.2.2)
    rb-fsevent (0.9.1)
    redis (2.2.2)
    redis-namespace (1.0.3)
      redis (< 3.0.0)
    resque (1.20.0)
      multi_json (~> 1.0)
      redis-namespace (~> 1.0.2)
      sinatra (>= 0.9.2)
      vegas (~> 0.1.2)
    resque-scheduler (2.0.0.h)
      redis (>= 2.0.1)
      resque (>= 1.19.0)
      rufus-scheduler
    rest-client (1.6.7)
      mime-types (>= 1.16)
    rubyzip (0.9.7)
    rufus-scheduler (2.0.16)
      tzinfo (>= 0.3.23)
    sass (3.1.16)
    shotgun (0.9)
      rack (>= 1.0)
    sinatra (1.3.2)
      rack (~> 1.3, >= 1.3.6)
      rack-protection (~> 1.2)
      tilt (~> 1.3, >= 1.3.3)
    thin (1.3.1)
      daemons (>= 1.0.9)
      eventmachine (>= 0.12.6)
      rack (>= 1.0.0)
    thor (0.14.6)
    tilt (1.3.3)
    twilio (3.1.0)
      builder (>= 2.1.2)
      httparty (~> 0.8)
    tzinfo (0.3.33)
    vegas (0.1.11)
      rack (>= 1.0.0)

PLATFORMS
  ruby

DEPENDENCIES
  bson_ext (~> 1.6.2)
  chronic (= 0.6.7)
  coffee-script-source (~> 1.2.0)
  foreman
  growl (~> 1.0.0)
  guard (~> 1.0.0)
  guard-coffeescript (~> 0.5.0)
  guard-sass (~> 0.6.0)
  heroku (~> 2.24.0)
  jammit!
  jammit-sinatra!
  localtunnel
  logging (= 1.7.1)
  mongo_mapper (= 0.11.0)
  rack-flash3 (= 1.0.1)
  rake (~> 0.9.2.0)
  rb-fsevent (~> 0.9.0)
  resque (= 1.20.0)
  resque-scheduler (= 2.0.0.h)
  shotgun (~> 0.9.0)
  sinatra (= 1.3.2)
  thin (= 1.3.1)
  twilio (= 3.1.0)
