GIT
  remote: https://github.com/mcmire/jammit-sinatra
  revision: 2805e62e2a24cb6e795661fae06326b0dff84d93
  branch: middleware_only_dev
  specs:
    jammit-sinatra (0.6.0.1)
      jammit (>= 0.6.0)

PATH
  remote: ~/code/github/forks/jammit
  specs:
    jammit (0.6.5)
      cssmin (>= 1.0.2)
      jsmin (>= 1.0.1)

GEM
  remote: http://rubygems.org/
  specs:
    addressable (2.2.7)
    coffee-script (2.2.0)
      coffee-script-source
      execjs
    coffee-script-source (1.2.0)
    cssmin (1.0.2)
    daemons (1.1.8)
    eventmachine (0.12.10)
    execjs (1.3.0)
      multi_json (~> 1.0)
    ffi (1.0.11)
    growl (1.0.3)
    guard (1.0.1)
      ffi (>= 0.5.0)
      thor (~> 0.14.6)
    guard-coffeescript (0.5.7)
      coffee-script (>= 2.2.0)
      guard (>= 0.8.3)
    guard-sass (0.6.0)
      guard (>= 0.4.0)
      sass (>= 3.1)
    heroku (2.24.1)
      launchy (>= 0.3.2)
      netrc (~> 0.7.1)
      rest-client (~> 1.6.1)
      rubyzip
    jsmin (1.0.1)
    launchy (2.1.0)
      addressable (~> 2.2.6)
    mime-types (1.18)
    multi_json (1.3.2)
    netrc (0.7.1)
    rack (1.4.1)
    rack-flash3 (1.0.1)
      rack
      rack
    rack-protection (1.2.0)
      rack
    rake (0.9.2.2)
    rb-fsevent (0.9.1)
    rest-client (1.6.7)
      mime-types (>= 1.16)
    rubyzip (0.9.7)
    sass (3.1.16)
    shotgun (0.9)
      rack (>= 1.0)
    sinatra (1.3.2)
      rack (~> 1.3, >= 1.3.6)
      rack-protection (~> 1.2)
      tilt (~> 1.3, >= 1.3.3)
    thin (1.3.1)
      daemons (>= 1.0.9)
      eventmachine (>= 0.12.6)
      rack (>= 1.0.0)
    thor (0.14.6)
    tilt (1.3.3)

PLATFORMS
  ruby

DEPENDENCIES
  coffee-script-source (~> 1.2.0)
  growl (~> 1.0.0)
  guard (~> 1.0.0)
  guard-coffeescript (~> 0.5.0)
  guard-sass (~> 0.6.0)
  heroku (~> 2.24.0)
  jammit!
  jammit-sinatra!
  rack-flash3
  rake (~> 0.9.2.0)
  rb-fsevent (~> 0.9.0)
  shotgun (~> 0.9.0)
  sinatra (= 1.3.2)
  thin (= 1.3.1)
